GEM
  remote: http://rubygems.org/
  specs:
    stomp (1.3.5)

PLATFORMS
  ruby

DEPENDENCIES
  stomp

BUNDLED WITH
   1.11.2
